PATH
  remote: .
  specs:
    ccutrer-serialport (1.0.0)
      ffi (~> 1.9, >= 1.9.3)

GEM
  remote: http://rubygems.org/
  specs:
    diff-lcs (1.4.4)
    ffi (1.13.1)
    rake (13.0.1)
    rspec (3.0.0)
      rspec-core (~> 3.0.0)
      rspec-expectations (~> 3.0.0)
      rspec-mocks (~> 3.0.0)
    rspec-core (3.0.4)
      rspec-support (~> 3.0.0)
    rspec-expectations (3.0.4)
      diff-lcs (>= 1.2.0, < 2.0)
      rspec-support (~> 3.0.0)
    rspec-mocks (3.0.4)
      rspec-support (~> 3.0.0)
    rspec-support (3.0.4)

PLATFORMS
  ruby

DEPENDENCIES
  ccutrer-serialport!
  rake (~> 13.0)
  rspec (~> 3.0.0)

BUNDLED WITH
   2.1.4
